GEM
  remote: https://rubygems.org/
  specs:
    ast (2.3.0)
    backticks (1.0.0)
    diff-lcs (1.3)
    diplomat (1.2.0)
      faraday (~> 0.9)
      json
    docker-api (1.33.2)
      excon (>= 0.38.0)
      json
    docker-compose (1.0.4)
      backticks (~> 1.0)
    excon (0.55.0)
    faraday (0.11.0)
      multipart-post (>= 1.2, < 3)
    json (2.0.3)
    mqtt (0.4.0)
    multi_json (1.12.1)
    multipart-post (2.0.0)
    net-scp (1.2.1)
      net-ssh (>= 2.6.5)
    net-ssh (4.1.0)
    net-telnet (0.1.1)
    parser (2.4.0.0)
      ast (~> 2.2)
    powerpack (0.1.1)
    rainbow (2.2.1)
    rake (12.0.0)
    rspec (3.5.0)
      rspec-core (~> 3.5.0)
      rspec-expectations (~> 3.5.0)
      rspec-mocks (~> 3.5.0)
    rspec-core (3.5.4)
      rspec-support (~> 3.5.0)
    rspec-expectations (3.5.0)
      diff-lcs (>= 1.2.0, < 2.0)
      rspec-support (~> 3.5.0)
    rspec-its (1.2.0)
      rspec-core (>= 3.0.0)
      rspec-expectations (>= 3.0.0)
    rspec-mocks (3.5.0)
      diff-lcs (>= 1.2.0, < 2.0)
      rspec-support (~> 3.5.0)
    rspec-support (3.5.0)
    rspec-wait (0.0.9)
      rspec (>= 3, < 4)
    rubocop (0.47.1)
      parser (>= 2.3.3.1, < 3.0)
      powerpack (~> 0.1)
      rainbow (>= 1.99.1, < 3.0)
      ruby-progressbar (~> 1.7)
      unicode-display_width (~> 1.0, >= 1.0.1)
    ruby-progressbar (1.8.1)
    serverspec (2.38.0)
      multi_json
      rspec (~> 3.0)
      rspec-its
      specinfra (~> 2.53)
    sfl (2.3)
    specinfra (2.67.2)
      net-scp
      net-ssh (>= 2.7, < 5.0)
      net-telnet
      sfl
    unicode-display_width (1.1.3)
    vault (0.9.0)

PLATFORMS
  ruby

DEPENDENCIES
  diplomat
  docker-api
  docker-compose
  mqtt
  rake
  rspec-wait
  rubocop
  serverspec
  vault

BUNDLED WITH
   1.14.3
